PATH
  remote: .
  specs:
    dfe-reference-data (0.1.0)

GEM
  remote: https://rubygems.org/
  specs:
    diff-lcs (1.5.0)
    rake (12.3.3)
    rspec (3.10.0)
      rspec-core (~> 3.10.0)
      rspec-expectations (~> 3.10.0)
      rspec-mocks (~> 3.10.0)
    rspec-core (3.10.2)
      rspec-support (~> 3.10.0)
    rspec-expectations (3.10.2)
      diff-lcs (>= 1.2.0, < 2.0)
      rspec-support (~> 3.10.0)
    rspec-mocks (3.10.3)
      diff-lcs (>= 1.2.0, < 2.0)
      rspec-support (~> 3.10.0)
    rspec-support (3.10.3)

PLATFORMS
  ruby

DEPENDENCIES
  dfe-reference-data!
  rake (~> 12.0)
  rspec (~> 3.0)

BUNDLED WITH
   2.1.4
